GIT
  remote: git://github.com/gregbell/active_admin.git
  revision: aa33ba367777eae60d63d5d23400cdfafeeb0efd
  specs:
    activeadmin (1.0.0.pre)
      arbre (~> 1.0)
      bourbon
      coffee-rails
      devise (~> 3.2)
      formtastic (~> 2.3.0.rc3)
      inherited_resources (~> 1.3)
      jquery-rails
      jquery-ui-rails
      kaminari (~> 0.15)
      rails (>= 3.2, <= 4.1)
      ransack (~> 1.0)
      sass-rails

GIT
  remote: git://github.com/scottvrosenthal/twitter-bootswatch-rails.git
  revision: 2fc34bcfa0157675f77509a47d3e4c3c4fa05368
  specs:
    twitter-bootswatch-rails (3.1.1.0)
      execjs (>= 1.4.0)
      less-rails (>= 2.3)
      railties (>= 3.1)

GEM
  remote: http://rubygems.org/
  specs:
    actionmailer (4.0.2)
      actionpack (= 4.0.2)
      mail (~> 2.5.4)
    actionpack (4.0.2)
      activesupport (= 4.0.2)
      builder (~> 3.1.0)
      erubis (~> 2.7.0)
      rack (~> 1.5.2)
      rack-test (~> 0.6.2)
    activemodel (4.0.2)
      activesupport (= 4.0.2)
      builder (~> 3.1.0)
    activerecord (4.0.2)
      activemodel (= 4.0.2)
      activerecord-deprecated_finders (~> 1.0.2)
      activesupport (= 4.0.2)
      arel (~> 4.0.0)
    activerecord-deprecated_finders (1.0.3)
    activerecord-mysql-adapter (0.0.1)
      activerecord (>= 3.2.9)
      activesupport (>= 3.2.9)
      mysql (>= 2.9.0)
    activesupport (4.0.2)
      i18n (~> 0.6, >= 0.6.4)
      minitest (~> 4.2)
      multi_json (~> 1.3)
      thread_safe (~> 0.1)
      tzinfo (~> 0.3.37)
    addressable (2.3.6)
    arbre (1.0.1)
      activesupport (>= 3.0.0)
    arel (4.0.2)
    aws_cf_signer (0.1.2)
    bcrypt (3.1.7)
    bourbon (3.2.1)
      sass (~> 3.2)
      thor
    builder (3.1.4)
    cancan (1.6.10)
    carrierwave (0.10.0)
      activemodel (>= 3.2.0)
      activesupport (>= 3.2.0)
      json (>= 1.7)
      mime-types (>= 1.16)
    ckeditor (4.0.11)
      mime-types
      orm_adapter (~> 0.5.0)
    cloudinary (1.0.72)
      aws_cf_signer
      rest-client
    coffee-rails (4.0.1)
      coffee-script (>= 2.2.0)
      railties (>= 4.0.0, < 5.0)
    coffee-script (2.2.0)
      coffee-script-source
      execjs
    coffee-script-source (1.7.0)
    commonjs (0.2.7)
    delayed_job (4.0.1)
      activesupport (>= 3.0, < 4.2)
    devise (3.2.4)
      bcrypt (~> 3.0)
      orm_adapter (~> 0.1)
      railties (>= 3.2.6, < 5)
      thread_safe (~> 0.1)
      warden (~> 1.2.3)
    erubis (2.7.0)
    excon (0.33.0)
    execjs (2.0.2)
    faker (1.3.0)
      i18n (~> 0.5)
    faraday (0.9.0)
      multipart-post (>= 1.2, < 3)
    formtastic (2.3.0.rc3)
      actionpack (>= 3.0)
    has_scope (0.6.0.rc)
      actionpack (>= 3.2, < 5)
      activesupport (>= 3.2, < 5)
    hashie (2.1.1)
    heroku (3.7.3)
      heroku-api (~> 0.3.17)
      launchy (>= 0.3.2)
      netrc (~> 0.7.7)
      rest-client (~> 1.6.1)
      rqrcode (~> 0.4.2)
      rubyzip
      term-ansicolor (~> 1.3.0)
    heroku-api (0.3.18)
      excon (~> 0.27)
      multi_json (~> 1.8)
    hike (1.2.3)
    i18n (0.6.9)
    inherited_resources (1.4.1)
      has_scope (~> 0.6.0.rc)
      responders (~> 1.0.0.rc)
    jbuilder (1.5.3)
      activesupport (>= 3.0.0)
      multi_json (>= 1.2.0)
    jquery-rails (3.1.0)
      railties (>= 3.0, < 5.0)
      thor (>= 0.14, < 2.0)
    jquery-ui-rails (4.2.1)
      railties (>= 3.2.16)
    json (1.8.1)
    jwt (0.1.12)
    kaminari (0.15.1)
      actionpack (>= 3.0.0)
      activesupport (>= 3.0.0)
    launchy (2.4.2)
      addressable (~> 2.3)
    less (2.5.0)
      commonjs (~> 0.2.7)
    less-rails (2.5.0)
      actionpack (>= 3.1)
      less (~> 2.5.0)
    libv8 (3.16.14.3)
    mail (2.5.4)
      mime-types (~> 1.16)
      treetop (~> 1.4.8)
    mime-types (1.25.1)
    mini_magick (3.7.0)
      subexec (~> 0.2.1)
    minitest (4.7.5)
    multi_json (1.10.0)
    multi_xml (0.5.5)
    multipart-post (2.0.0)
    mysql (2.9.1)
    netrc (0.7.7)
    oauth2 (0.9.3)
      faraday (>= 0.8, < 0.10)
      jwt (~> 0.1.8)
      multi_json (~> 1.3)
      multi_xml (~> 0.5)
      rack (~> 1.2)
    omniauth (1.2.1)
      hashie (>= 1.2, < 3)
      rack (~> 1.0)
    omniauth-facebook (1.6.0)
      omniauth-oauth2 (~> 1.1)
    omniauth-oauth2 (1.1.2)
      faraday (>= 0.8, < 0.10)
      multi_json (~> 1.3)
      oauth2 (~> 0.9.3)
      omniauth (~> 1.2)
    orm_adapter (0.5.0)
    pg (0.17.1)
    polyamorous (1.0.0)
      activerecord (>= 3.0)
    polyglot (0.3.4)
    rack (1.5.2)
    rack-test (0.6.2)
      rack (>= 1.0)
    railroady (1.1.1)
    rails (4.0.2)
      actionmailer (= 4.0.2)
      actionpack (= 4.0.2)
      activerecord (= 4.0.2)
      activesupport (= 4.0.2)
      bundler (>= 1.3.0, < 2.0)
      railties (= 4.0.2)
      sprockets-rails (~> 2.0.0)
    railties (4.0.2)
      actionpack (= 4.0.2)
      activesupport (= 4.0.2)
      rake (>= 0.8.7)
      thor (>= 0.18.1, < 2.0)
    rake (10.3.1)
    ransack (1.2.3)
      actionpack (>= 3.0)
      activerecord (>= 3.0)
      activesupport (>= 3.0)
      i18n
      polyamorous (~> 1.0.0)
    rdoc (4.1.1)
      json (~> 1.4)
    ref (1.0.5)
    responders (1.0.0)
      railties (>= 3.2, < 5)
    rest-client (1.6.7)
      mime-types (>= 1.16)
    rqrcode (0.4.2)
    rubyzip (1.1.3)
    sass (3.2.19)
    sass-rails (4.0.3)
      railties (>= 4.0.0, < 5.0)
      sass (~> 3.2.0)
      sprockets (~> 2.8, <= 2.11.0)
      sprockets-rails (~> 2.0)
    sdoc (0.4.0)
      json (~> 1.8)
      rdoc (~> 4.0, < 5.0)
    simple_form (3.0.2)
      actionpack (~> 4.0)
      activemodel (~> 4.0)
    sprockets (2.11.0)
      hike (~> 1.2)
      multi_json (~> 1.0)
      rack (~> 1.0)
      tilt (~> 1.1, != 1.3.0)
    sprockets-rails (2.0.1)
      actionpack (>= 3.0)
      activesupport (>= 3.0)
      sprockets (~> 2.8)
    subexec (0.2.3)
    term-ansicolor (1.3.0)
      tins (~> 1.0)
    therubyracer (0.12.1)
      libv8 (~> 3.16.14.0)
      ref
    thor (0.19.1)
    thread_safe (0.3.3)
    tilt (1.4.1)
    tins (1.1.0)
    treetop (1.4.15)
      polyglot
      polyglot (>= 0.3.1)
    turbolinks (2.2.2)
      coffee-rails
    tzinfo (0.3.39)
    uglifier (2.5.0)
      execjs (>= 0.3.0)
      json (>= 1.8.0)
    warden (1.2.3)
      rack (>= 1.0)

PLATFORMS
  ruby

DEPENDENCIES
  activeadmin!
  activerecord-mysql-adapter
  cancan
  carrierwave
  ckeditor
  cloudinary
  coffee-rails (~> 4.0.0)
  delayed_job
  devise
  faker
  heroku
  jbuilder (~> 1.2)
  jquery-rails
  kaminari
  mini_magick
  omniauth-facebook
  pg
  railroady
  rails (= 4.0.2)
  sass-rails (~> 4.0.0)
  sdoc
  simple_form
  therubyracer
  turbolinks
  twitter-bootswatch-rails!
  uglifier (>= 1.3.0)
